PATH
  remote: .
  specs:
    x-ruby-bindings (0.0.1)

GEM
  remote: http://rubygems.org/
  specs:
    nokogiri (1.5.3)
    redcarpet (3.5.1)
    yard (0.9.25)

PLATFORMS
  ruby

DEPENDENCIES
  nokogiri
  redcarpet
  x-ruby-bindings!
  yard
