PATH
  remote: .
  specs:
    x-ruby-bindings (0.0.1)

GEM
  remote: http://rubygems.org/
  specs:
    mini_portile2 (2.1.0)
    nokogiri (1.6.8.1)
      mini_portile2 (~> 2.1.0)
    redcarpet (2.1.1)
    yard (0.9.25)

PLATFORMS
  ruby

DEPENDENCIES
  nokogiri
  redcarpet
  x-ruby-bindings!
  yard
